PATH
  remote: .
  specs:
    scrapify (0.1.0)

GEM
  remote: https://rubygems.org/
  specs:
    coderay (1.1.2)
    httparty (0.17.1)
      mime-types (~> 3.0)
      multi_xml (>= 0.5.2)
    method_source (0.9.2)
    mime-types (3.3)
      mime-types-data (~> 3.2015)
    mime-types-data (3.2019.1009)
    mini_portile2 (2.4.0)
    minitest (5.13.0)
    multi_xml (0.6.0)
    nokogiri (1.10.5)
      mini_portile2 (~> 2.4.0)
    pry (0.12.2)
      coderay (~> 1.1.0)
      method_source (~> 0.9.0)
    rake (10.5.0)
    reverse_markdown (1.3.0)
      nokogiri

PLATFORMS
  ruby

DEPENDENCIES
  bundler (~> 2.0.2)
  httparty (~> 0.17.0)
  minitest (~> 5.0)
  nokogiri (~> 1.10.4)
  pry (~> 0.12.2)
  rake (~> 10.0)
  reverse_markdown (~> 1.3.0)
  scrapify!

BUNDLED WITH
   2.0.2
